GEM
  remote: http://rubygems.org/
  specs:
    active_file (0.1.0)
    brnumeros (3.3.0)

PLATFORMS
  ruby

DEPENDENCIES
  active_file (= 0.1.0)
  brnumeros (~> 3.3.0)
